GEM
  remote: https://rubygems.org/
  specs:
    CFPropertyList (2.3.5)
    ProMotion (2.6.1)
      methadone (~> 1.7)
      motion_print (~> 1.0)
    activesupport (4.2.9)
      i18n (~> 0.7)
      minitest (~> 5.1)
      thread_safe (~> 0.3, >= 0.3.4)
      tzinfo (~> 1.1)
    awesome_print_motion (0.1.0)
    claide (1.0.2)
    cocoapods (1.3.1)
      activesupport (>= 4.0.2, < 5)
      claide (>= 1.0.2, < 2.0)
      cocoapods-core (= 1.3.1)
      cocoapods-deintegrate (>= 1.0.1, < 2.0)
      cocoapods-downloader (>= 1.1.3, < 2.0)
      cocoapods-plugins (>= 1.0.0, < 2.0)
      cocoapods-search (>= 1.0.0, < 2.0)
      cocoapods-stats (>= 1.0.0, < 2.0)
      cocoapods-trunk (>= 1.2.0, < 2.0)
      cocoapods-try (>= 1.1.0, < 2.0)
      colored2 (~> 3.1)
      escape (~> 0.0.4)
      fourflusher (~> 2.0.1)
      gh_inspector (~> 1.0)
      molinillo (~> 0.5.7)
      nap (~> 1.0)
      ruby-macho (~> 1.1)
      xcodeproj (>= 1.5.1, < 2.0)
    cocoapods-core (1.3.1)
      activesupport (>= 4.0.2, < 6)
      fuzzy_match (~> 2.0.4)
      nap (~> 1.0)
    cocoapods-deintegrate (1.0.1)
    cocoapods-downloader (1.1.3)
    cocoapods-plugins (1.0.0)
      nap
    cocoapods-search (1.0.0)
    cocoapods-stats (1.0.0)
    cocoapods-trunk (1.2.0)
      nap (>= 0.8, < 2.0)
      netrc (= 0.7.8)
    cocoapods-try (1.1.0)
    colored2 (3.1.2)
    dbt (1.2.0)
    escape (0.0.4)
    fourflusher (2.0.1)
    fuzzy_match (2.0.4)
    gh_inspector (1.0.3)
    i18n (0.8.6)
    methadone (1.9.5)
      bundler
    minitest (5.10.3)
    molinillo (0.5.7)
    motion-awesome (0.0.6)
      motion-map
    motion-cocoapods (1.9.0)
      cocoapods (>= 1.0.0)
    motion-dynamic-type (0.1.0)
    motion-kit (1.1.1)
      dbt (~> 1.1, >= 1.1.5)
    motion-map (0.0.4)
    motion-redgreen (1.0.0)
    motion-weakattr (0.1)
    motion_print (1.2.0)
    nanaimo (0.2.3)
    nap (1.1.0)
    netrc (0.7.8)
    newclear (1.3)
      reset-sim
    rake (12.1.0)
    reset-sim (1.1.1)
    ruby-macho (1.1.0)
    sugarcube (3.4.0)
    thread_safe (0.3.6)
    tzinfo (1.2.3)
      thread_safe (~> 0.1)
    xcodeproj (1.5.1)
      CFPropertyList (~> 2.3.3)
      claide (>= 1.0.2, < 2.0)
      colored2 (~> 3.1)
      nanaimo (~> 0.2.3)

PLATFORMS
  ruby

DEPENDENCIES
  ProMotion
  awesome_print_motion
  motion-awesome
  motion-cocoapods
  motion-dynamic-type
  motion-kit
  motion-redgreen
  motion-weakattr
  newclear
  rake
  sugarcube

BUNDLED WITH
   1.14.6
