GEM
  remote: https://rubygems.org/
  specs:
    ProMotion (2.5.0)
      methadone (~> 1.7)
      motion_print (~> 1.0)
    activesupport (4.2.5.1)
      i18n (~> 0.7)
      json (~> 1.7, >= 1.7.7)
      minitest (~> 5.1)
      thread_safe (~> 0.3, >= 0.3.4)
      tzinfo (~> 1.1)
    awesome_print_motion (0.1.0)
    claide (0.9.1)
    cocoapods (0.39.0)
      activesupport (>= 4.0.2)
      claide (~> 0.9.1)
      cocoapods-core (= 0.39.0)
      cocoapods-downloader (~> 0.9.3)
      cocoapods-plugins (~> 0.4.2)
      cocoapods-search (~> 0.1.0)
      cocoapods-stats (~> 0.6.2)
      cocoapods-trunk (~> 0.6.4)
      cocoapods-try (~> 0.5.1)
      colored (~> 1.2)
      escape (~> 0.0.4)
      molinillo (~> 0.4.0)
      nap (~> 1.0)
      xcodeproj (~> 0.28.2)
    cocoapods-core (0.39.0)
      activesupport (>= 4.0.2)
      fuzzy_match (~> 2.0.4)
      nap (~> 1.0)
    cocoapods-downloader (0.9.3)
    cocoapods-plugins (0.4.2)
      nap
    cocoapods-search (0.1.0)
    cocoapods-stats (0.6.2)
    cocoapods-trunk (0.6.4)
      nap (>= 0.8, < 2.0)
      netrc (= 0.7.8)
    cocoapods-try (0.5.1)
    colored (1.2)
    dbt (1.2.0)
    escape (0.0.4)
    fuzzy_match (2.0.4)
    i18n (0.7.0)
    json (1.8.3)
    methadone (1.9.2)
      bundler
    minitest (5.8.4)
    molinillo (0.4.2)
    motion-awesome (0.0.6)
      motion-map
    motion-cocoapods (1.7.8)
      cocoapods (>= 0.34)
    motion-dynamic-type (0.1.0)
    motion-kit (1.0.0)
      dbt (~> 1.1, >= 1.1.5)
    motion-map (0.0.4)
    motion-redgreen (1.0.0)
    motion-weakattr (0.1)
    motion_print (1.2.0)
    nap (1.1.0)
    netrc (0.7.8)
    newclear (1.3)
      reset-sim
    rake (10.5.0)
    reset-sim (1.1.1)
    sugarcube (3.3.7)
    thread_safe (0.3.5)
    tzinfo (1.2.2)
      thread_safe (~> 0.1)
    xcodeproj (0.28.2)
      activesupport (>= 3)
      claide (~> 0.9.1)
      colored (~> 1.2)

PLATFORMS
  ruby

DEPENDENCIES
  ProMotion
  awesome_print_motion
  motion-awesome
  motion-cocoapods
  motion-dynamic-type
  motion-kit
  motion-redgreen
  motion-weakattr
  newclear
  rake
  sugarcube

BUNDLED WITH
   1.11.2
