GEM
  remote: https://rubygems.org/
  specs:
    CFPropertyList (2.2.8)
    ProMotion (2.0.0)
      methadone (~> 1.4)
    activesupport (3.2.19)
      i18n (~> 0.6, >= 0.6.4)
      multi_json (~> 1.0)
    awesome_print_motion (0.1.0)
    builder (3.2.2)
    celluloid (0.16.0)
      timers (~> 4.0.0)
    coderay (1.1.0)
    colored (1.2)
    cucumber (1.3.17)
      builder (>= 2.1.2)
      diff-lcs (>= 1.1.3)
      gherkin (~> 2.12)
      multi_json (>= 1.7.5, < 2.0)
      multi_test (>= 0.1.1)
    dbt (1.1.5)
    diff-lcs (1.2.5)
    dnssd (2.0)
    ffi (1.9.3)
    formatador (0.2.5)
    frank-cucumber (1.2.2)
      cucumber
      dnssd
      i18n
      json
      plist
      rspec (>= 2.0)
      sim_launcher (>= 0.4.6)
      thor
      xcodeproj (>= 0.5.3)
    gherkin (2.12.2)
      multi_json (~> 1.3)
    guard (2.6.1)
      formatador (>= 0.2.4)
      listen (~> 2.7)
      lumberjack (~> 1.0)
      pry (>= 0.9.12)
      thor (>= 0.18.1)
    guard-motion (0.1.2)
      guard (>= 1.1.0)
      rake (>= 0.9)
    hitimes (1.2.2)
    i18n (0.6.11)
    json (1.8.1)
    listen (2.7.5)
      celluloid (>= 0.15.2)
      rb-fsevent (>= 0.9.3)
      rb-inotify (>= 0.9)
    lumberjack (1.0.9)
    methadone (1.7.0)
      bundler
    method_source (0.8.2)
    motion-fontawesome (0.0.1)
      rake
    motion-frank (1.2.2.0)
      frank-cucumber (= 1.2.2)
    motion-kit (0.14.0)
      dbt (~> 1.1.5)
    motion-redgreen (0.1.0)
    motion-stump (0.3.1)
    motion-weakattr (0.1)
    multi_json (1.10.1)
    multi_test (0.1.1)
    plist (3.1.0)
    pry (0.10.1)
      coderay (~> 1.1.0)
      method_source (~> 0.8.1)
      slop (~> 3.4)
    rack (1.5.2)
    rack-protection (1.5.3)
      rack
    rake (10.3.2)
    rb-fsevent (0.9.4)
    rb-inotify (0.9.5)
      ffi (>= 0.5.0)
    rspec (2.99.0)
      rspec-core (~> 2.99.0)
      rspec-expectations (~> 2.99.0)
      rspec-mocks (~> 2.99.0)
    rspec-core (2.99.2)
    rspec-expectations (2.99.2)
      diff-lcs (>= 1.1.3, < 2.0)
    rspec-mocks (2.99.2)
    sim_launcher (0.4.11)
      sinatra
    sinatra (1.4.5)
      rack (~> 1.4)
      rack-protection (~> 1.4)
      tilt (~> 1.3, >= 1.3.4)
    slop (3.6.0)
    sugarcube (2.4.2)
    thor (0.19.1)
    tilt (1.4.1)
    timers (4.0.1)
      hitimes
    xcodeproj (0.19.1)
      CFPropertyList (~> 2.2)
      activesupport (~> 3.0)
      colored (~> 1.2)

PLATFORMS
  ruby

DEPENDENCIES
  ProMotion (<= 2.0.0)
  awesome_print_motion
  guard-motion
  listen (<= 2.7.5)
  motion-fontawesome
  motion-frank
  motion-kit
  motion-redgreen
  motion-stump (<= 0.3.1)
  motion-weakattr
  rake
  rspec (< 3.0.0)
  sugarcube
