GEM
  remote: https://rubygems.org/
  specs:
    ProMotion (2.2.1)
      methadone (~> 1.7)
    activesupport (4.1.9)
      i18n (~> 0.6, >= 0.6.9)
      json (~> 1.7, >= 1.7.7)
      minitest (~> 5.1)
      thread_safe (~> 0.1)
      tzinfo (~> 1.1)
    awesome_print_motion (0.1.0)
    builder (3.2.2)
    claide (0.7.0)
    cocoapods (0.35.0)
      activesupport (>= 3.2.15)
      claide (~> 0.7.0)
      cocoapods-core (= 0.35.0)
      cocoapods-downloader (~> 0.8.0)
      cocoapods-plugins (~> 0.3.1)
      cocoapods-trunk (~> 0.4.1)
      cocoapods-try (~> 0.4.2)
      colored (~> 1.2)
      escape (~> 0.0.4)
      molinillo (~> 0.1.2)
      nap (~> 0.8)
      open4 (~> 1.3)
      xcodeproj (~> 0.20.2)
    cocoapods-core (0.35.0)
      activesupport (>= 3.2.15)
      fuzzy_match (~> 2.0.4)
      nap (~> 0.8.0)
    cocoapods-downloader (0.8.1)
    cocoapods-plugins (0.3.2)
      nap
    cocoapods-trunk (0.4.1)
      nap (>= 0.8)
      netrc (= 0.7.8)
    cocoapods-try (0.4.3)
    colored (1.2)
    cucumber (1.3.18)
      builder (>= 2.1.2)
      diff-lcs (>= 1.1.3)
      gherkin (~> 2.12)
      multi_json (>= 1.7.5, < 2.0)
      multi_test (>= 0.1.1)
    dbt (1.1.5)
    diff-lcs (1.2.5)
    dnssd (2.0.1)
    escape (0.0.4)
    frank-cucumber (1.2.2)
      cucumber
      dnssd
      i18n
      json
      plist
      rspec (>= 2.0)
      sim_launcher (>= 0.4.6)
      thor
      xcodeproj (>= 0.5.3)
    fuzzy_match (2.0.4)
    gherkin (2.12.2)
      multi_json (~> 1.3)
    i18n (0.6.11)
    json (1.8.2)
    methadone (1.8.0)
      bundler
    minitest (5.5.1)
    molinillo (0.1.2)
    motion-awesome (0.0.6)
      motion-map
    motion-cocoapods (1.7.0)
      cocoapods (>= 0.34)
    motion-dynamic-type (0.1.0)
    motion-frank (1.2.2.0)
      frank-cucumber (= 1.2.2)
    motion-kit (0.17.0)
      dbt (~> 1.1.5)
    motion-map (0.0.4)
    motion-redgreen (1.0.0)
    motion-weakattr (0.1)
    multi_json (1.10.1)
    multi_test (0.1.1)
    nap (0.8.0)
    netrc (0.7.8)
    newclear (0.4)
      reset-sim
    open4 (1.3.4)
    plist (3.1.0)
    rack (1.6.0)
    rack-protection (1.5.3)
      rack
    rake (10.4.2)
    reset-sim (1.0)
    rspec (2.99.0)
      rspec-core (~> 2.99.0)
      rspec-expectations (~> 2.99.0)
      rspec-mocks (~> 2.99.0)
    rspec-core (2.99.2)
    rspec-expectations (2.99.2)
      diff-lcs (>= 1.1.3, < 2.0)
    rspec-mocks (2.99.3)
    sim_launcher (0.5.0)
      sinatra
    sinatra (1.4.5)
      rack (~> 1.4)
      rack-protection (~> 1.4)
      tilt (~> 1.3, >= 1.3.4)
    sugarcube (3.0.6)
    thor (0.19.1)
    thread_safe (0.3.4)
    tilt (1.4.1)
    tzinfo (1.2.2)
      thread_safe (~> 0.1)
    xcodeproj (0.20.2)
      activesupport (>= 3)
      colored (~> 1.2)

PLATFORMS
  ruby

DEPENDENCIES
  ProMotion
  awesome_print_motion
  i18n (< 0.7)
  motion-awesome
  motion-cocoapods
  motion-dynamic-type
  motion-frank
  motion-kit
  motion-redgreen
  motion-weakattr
  newclear
  rake
  rspec (< 3.0.0)
  sugarcube
